GEM
  remote: http://rubygems.org/
  specs:
    builder (3.0.0)
    mime-types (1.18)
    rest-client (1.6.7)
      mime-types (>= 1.16)

PLATFORMS
  ruby

DEPENDENCIES
  builder (>= 2.1.2)
  rest-client (~> 1.6.7)
